PATH
  remote: .
  specs:
    superbot (0.0.1)
      clamp (= 1.2.1)

GEM
  remote: https://rubygems.org/
  specs:
    clamp (1.2.1)
    diff-lcs (1.3)
    kommando (0.1.2)
    rake (10.5.0)
    rspec (3.7.0)
      rspec-core (~> 3.7.0)
      rspec-expectations (~> 3.7.0)
      rspec-mocks (~> 3.7.0)
    rspec-core (3.7.1)
      rspec-support (~> 3.7.0)
    rspec-expectations (3.7.0)
      diff-lcs (>= 1.2.0, < 2.0)
      rspec-support (~> 3.7.0)
    rspec-mocks (3.7.0)
      diff-lcs (>= 1.2.0, < 2.0)
      rspec-support (~> 3.7.0)
    rspec-support (3.7.1)

PLATFORMS
  ruby

DEPENDENCIES
  bundler (~> 1.16)
  kommando (~> 0.1)
  rake (~> 10.0)
  rspec (~> 3.0)
  superbot!

BUNDLED WITH
   1.16.2
